GEM
  remote: https://rubygems.org/
  specs:
    hashlink (0.0.2)
      multibases (~> 0.3.2)
      multihashes (~> 0.2)
    mini_portile2 (2.8.0)
    multibases (0.3.2)
    multicodecs (0.2.1)
    multihashes (0.2.0)
      multicodecs (>= 0.2.0, < 1)
    nokogiri (1.13.6)
      mini_portile2 (~> 2.8.0)
      racc (~> 1.4)
    odca (0.2.3)
      hashlink (~> 0.0.1)
    racc (1.6.0)
    rack (2.0.8)
    roda (3.25.0)
      rack
    roo (2.8.3)
      nokogiri (~> 1)
      rubyzip (>= 1.3.0, < 3.0.0)
    roo-xls (1.2.0)
      nokogiri
      roo (>= 2.0.0, < 3)
      spreadsheet (> 0.9.0)
    ruby-ole (1.2.12.2)
    rubyzip (2.0.0)
    spreadsheet (1.2.6)
      ruby-ole (>= 1.0)
    tilt (2.0.10)

PLATFORMS
  ruby

DEPENDENCIES
  odca (~> 0.2.3)
  roda
  roo (~> 2.8.0)
  roo-xls (~> 1.2)
  rubyzip (>= 1.3.0)
  tilt

BUNDLED WITH
   2.2.4
