GEM
  remote: https://rubygems.org/
  specs:
    base58 (0.2.3)
    odca (0.1.1)
      base58 (~> 0.2)
    rack (2.0.7)
    roda (3.25.0)
      rack
    rubyzip (2.0.0)
    tilt (2.0.10)

PLATFORMS
  ruby

DEPENDENCIES
  odca
  roda
  rubyzip (>= 1.3.0)
  tilt

BUNDLED WITH
   1.16.6
