GEM
  remote: https://rubygems.org/
  specs:
    hashlink (0.0.2)
      multibases (~> 0.3.2)
      multihashes (~> 0.2)
    multibases (0.3.2)
    multicodecs (0.2.1)
    multihashes (0.2.0)
      multicodecs (>= 0.2.0, < 1)
    nio4r (2.5.8)
    nokogiri (1.13.9-x86_64-linux)
      racc (~> 1.4)
    odca (0.2.3)
      hashlink (~> 0.0.1)
    puma (5.6.4)
      nio4r (~> 2.0)
    racc (1.6.0)
    rack (3.0.0)
    roda (3.61.0)
      rack
    roo (2.9.0)
      nokogiri (~> 1)
      rubyzip (>= 1.3.0, < 3.0.0)
    roo-xls (1.2.0)
      nokogiri
      roo (>= 2.0.0, < 3)
      spreadsheet (> 0.9.0)
    ruby-ole (1.2.12.2)
    rubyzip (2.3.2)
    spreadsheet (1.3.0)
      ruby-ole
    tilt (2.0.11)

PLATFORMS
  x86_64-linux

DEPENDENCIES
  odca (~> 0.2.3)
  puma (~> 5.6)
  roda
  roo
  roo-xls
  rubyzip (>= 1.3.0)
  tilt

BUNDLED WITH
   2.3.25
